PATH
  remote: .
  specs:
    rubycheck (0.0.9)
      contracts (~> 0.10.1)

GEM
  remote: http://rubygems.org/
  specs:
    arrayfields (4.9.2)
    aspelllint (0.14)
      dotsmack (~> 0.3)
      ptools (~> 1.2)
    ast (2.4.1)
    cane (2.6.2)
      parallel
    chronic (0.10.2)
    churn (1.0.8)
      chronic (>= 0.2.3)
      hirb
      main
      ruby_parser (~> 3.0)
      sexp_processor (~> 4.1)
    contracts (0.10.1)
    diff-lcs (1.4.4)
    dotsmack (0.5)
      ptools (~> 1.2)
    erubis (2.7.0)
    excellent (2.1.1)
      hashr (>= 0.0.10)
      ruby_parser (>= 3.0)
      sexp_processor (>= 4.0)
    fattr (2.4.0)
    flay (2.12.1)
      erubis (~> 2.7.0)
      path_expander (~> 1.0)
      ruby_parser (~> 3.0)
      sexp_processor (~> 4.0)
    flog (4.6.4)
      path_expander (~> 1.0)
      ruby_parser (~> 3.1, > 3.1.0)
      sexp_processor (~> 4.8)
    hashr (2.0.1)
    hirb (0.7.3)
    log_switch (0.3.0)
    main (6.2.3)
      arrayfields (~> 4.7, >= 4.7.4)
      chronic (~> 0.6, >= 0.6.2)
      fattr (~> 2.2, >= 2.2.0)
      map (~> 6.1, >= 6.1.0)
    map (6.6.0)
    mini_portile2 (2.5.0)
    nokogiri (1.11.0)
      mini_portile2 (~> 2.5.0)
      racc (~> 1.4)
    parallel (1.20.1)
    parser (3.0.0.0)
      ast (~> 2.4.1)
    path_expander (1.1.0)
    ptools (1.4.1)
    racc (1.5.2)
    rainbow (2.2.2)
      rake
    rake (12.3.3)
    reek (1.4.0)
      rainbow (>= 1.99, < 3.0)
      ruby2ruby (>= 2.0.8, < 3.0)
      ruby_parser (>= 3.5.0, < 4.0)
      sexp_processor (~> 4.4)
    regexp_parser (2.0.3)
    rexml (3.2.4)
    roodi (4.1.1)
      ruby_parser (~> 3.2, >= 3.2.2)
    rspec (3.10.0)
      rspec-core (~> 3.10.0)
      rspec-expectations (~> 3.10.0)
      rspec-mocks (~> 3.10.0)
    rspec-core (3.10.1)
      rspec-support (~> 3.10.0)
    rspec-expectations (3.10.1)
      diff-lcs (>= 1.2.0, < 2.0)
      rspec-support (~> 3.10.0)
    rspec-mocks (3.10.1)
      diff-lcs (>= 1.2.0, < 2.0)
      rspec-support (~> 3.10.0)
    rspec-support (3.10.1)
    rubocop (0.93.1)
      parallel (~> 1.10)
      parser (>= 2.7.1.5)
      rainbow (>= 2.2.2, < 4.0)
      regexp_parser (>= 1.8)
      rexml
      rubocop-ast (>= 0.6.0)
      ruby-progressbar (~> 1.7)
      unicode-display_width (>= 1.4.0, < 2.0)
    rubocop-ast (1.4.0)
      parser (>= 2.7.1.5)
    ruby-progressbar (1.11.0)
    ruby2ruby (2.4.4)
      ruby_parser (~> 3.1)
      sexp_processor (~> 4.6)
    ruby_parser (3.15.0)
      sexp_processor (~> 4.9)
    sexp_processor (4.15.1)
    sync (0.5.0)
    tailor (1.4.1)
      log_switch (~> 0.3.0)
      nokogiri (>= 1.6.0)
      term-ansicolor (>= 1.0.5)
      text-table (>= 1.2.2)
    term-ansicolor (1.7.1)
      tins (~> 1.0)
    text-table (1.2.4)
    tins (1.26.0)
      sync
    unicode-display_width (1.7.0)

PLATFORMS
  ruby

DEPENDENCIES
  aspelllint (~> 0.10)
  cane (~> 2.6)
  churn (~> 1.0)
  excellent (~> 2.1)
  flay (~> 2.5)
  flog (~> 4.3)
  rake (~> 12.3.3)
  reek (~> 1.3)
  roodi (~> 4.0)
  rspec (~> 3.0)
  rubocop (~> 0.49)
  rubycheck!
  tailor (~> 1.4)

BUNDLED WITH
   2.1.4
